GEM
  remote: http://rubygems.org/
  specs:
    awesome_print (1.6.1)
    coderay (1.1.0)
    ffi (1.9.10-java)
    method_source (0.8.2)
    pry (0.10.2-java)
      coderay (~> 1.1.0)
      method_source (~> 0.8.1)
      slop (~> 3.4)
      spoon (~> 0.0)
    pry-nav (0.2.4)
      pry (>= 0.9.10, < 0.11.0)
    slop (3.6.0)
    spoon (0.0.4)
      ffi

PLATFORMS
  java

DEPENDENCIES
  awesome_print
  pry
  pry-nav

BUNDLED WITH
   1.10.6
